GIT
  remote: git://github.com/BenFenner/sinatra-formhelpers-ng.git
  revision: 9a80a75ec78457b1955968c65c4882faa29d040b
  specs:
    sinatra-formhelpers-ng (1.11.2)
      rack-test

GEM
  remote: https://rubygems.org/
  specs:
    activemodel (4.2.5)
      activesupport (= 4.2.5)
      builder (~> 3.1)
    activerecord (4.2.5)
      activemodel (= 4.2.5)
      activesupport (= 4.2.5)
      arel (~> 6.0)
    activesupport (4.2.5)
      i18n (~> 0.7)
      json (~> 1.7, >= 1.7.7)
      minitest (~> 5.1)
      thread_safe (~> 0.3, >= 0.3.4)
      tzinfo (~> 1.1)
    addressable (2.3.8)
    arel (6.0.3)
    bond (0.5.1)
    builder (3.2.2)
    commonjs (0.2.7)
    dotenv (0.7.0)
    faraday (0.9.2)
      multipart-post (>= 1.2, < 3)
    foreman (0.66.0)
      dotenv (~> 0.7.0)
      thor (~> 0.19.1)
    haml (4.0.7)
      tilt
    i18n (0.7.0)
    json (1.8.3)
    kgio (2.10.0)
    less (2.4.0)
      commonjs (~> 0.2.7)
    libv8 (3.16.14.13)
    minitest (5.8.3)
    multipart-post (2.0.0)
    octokit (4.2.0)
      sawyer (~> 0.6.0, >= 0.5.3)
    pg (0.18.4)
    rack (1.6.4)
    rack-flash3 (1.0.5)
      rack
    rack-protection (1.5.3)
      rack
    rack-test (0.6.3)
      rack (>= 1.0)
    raindrops (0.15.0)
    ref (2.0.0)
    ripl (0.7.1)
      bond (~> 0.5.1)
    ripl-multi_line (0.3.1)
      ripl (>= 0.3.6)
    ripl-rack (0.2.1)
      rack (>= 1.0)
      rack-test (~> 0.6.2)
      ripl (>= 0.7.0)
    sawyer (0.6.0)
      addressable (~> 2.3.5)
      faraday (~> 0.8, < 0.10)
    sinatra (1.4.6)
      rack (~> 1.4)
      rack-protection (~> 1.4)
      tilt (>= 1.3, < 3)
    sinatra-activerecord (2.0.9)
      activerecord (>= 3.2)
      sinatra (~> 1.0)
    sinatra_auth_github (1.2.0)
      sinatra (~> 1.0)
      warden-github (~> 1.2.0)
    therubyracer (0.12.2)
      libv8 (~> 3.16.14.0)
      ref
    thor (0.19.1)
    thread_safe (0.3.5)
    tilt (2.0.1)
    tux (0.3.0)
      ripl (>= 0.3.5)
      ripl-multi_line (>= 0.2.4)
      ripl-rack (>= 0.2.0)
      sinatra (>= 1.2.1)
    tzinfo (1.2.2)
      thread_safe (~> 0.1)
    unicorn (4.9.0)
      kgio (~> 2.6)
      rack
      raindrops (~> 0.7)
    warden (1.2.3)
      rack (>= 1.0)
    warden-github (1.2.0)
      activesupport (> 3.0)
      octokit (> 2.1.0)
      warden (> 1.0)

PLATFORMS
  ruby

DEPENDENCIES
  activerecord (~> 4.1)
  activesupport (~> 4.1)
  foreman (~> 0.66.0)
  haml (~> 4.0.5)
  json (~> 1.8)
  less (~> 2.4.0)
  pg (~> 0.17)
  rack-flash3 (~> 1.0.5)
  sinatra (~> 1.4.6)
  sinatra-activerecord (~> 2.0)
  sinatra-formhelpers-ng!
  sinatra_auth_github (~> 1.0)
  therubyracer (~> 0.12)
  tux (~> 0.3.0)
  unicorn (~> 4.8)

BUNDLED WITH
   1.10.6
